GEM
  remote: http://rubygems.org/
  specs:
    bubble-wrap (1.1.5)
    coderay (1.0.9)
    ffi (1.4.0)
    formotion (1.2)
      bubble-wrap (>= 1.1.4)
    guard (1.6.2)
      listen (>= 0.6.0)
      lumberjack (>= 1.0.2)
      pry (>= 0.9.10)
      terminal-table (>= 1.4.3)
      thor (>= 0.14.6)
    guard-motion (0.1.1)
      guard (>= 1.1.0)
      rake (>= 0.9)
    listen (0.7.3)
    lumberjack (1.0.2)
    method_source (0.8.1)
    motion_model (0.4.0)
      bubble-wrap (~> 1.1.4)
    pry (0.9.12)
      coderay (~> 1.0.5)
      method_source (~> 0.8)
      slop (~> 3.4)
    rake (10.0.3)
    rb-fchange (0.0.6)
      ffi
    rb-fsevent (0.9.3)
    rb-inotify (0.9.0)
      ffi (>= 0.5.0)
    slop (3.4.3)
    terminal-table (1.4.5)
    thor (0.17.0)

PLATFORMS
  ruby

DEPENDENCIES
  formotion
  guard-motion
  motion_model
  rb-fchange
  rb-fsevent
  rb-inotify
